GEM
  remote: https://rubygems.org/
  specs:
    concurrent-ruby (1.2.0)
    diff-lcs (1.5.0)
    dotenv (2.8.1)
    rake (12.3.3)
    rspec (3.12.0)
      rspec-core (~> 3.12.0)
      rspec-expectations (~> 3.12.0)
      rspec-mocks (~> 3.12.0)
    rspec-core (3.12.0)
      rspec-support (~> 3.12.0)
    rspec-expectations (3.12.2)
      diff-lcs (>= 1.2.0, < 2.0)
      rspec-support (~> 3.12.0)
    rspec-mocks (3.12.3)
      diff-lcs (>= 1.2.0, < 2.0)
      rspec-support (~> 3.12.0)
    rspec-support (3.12.0)
    thor (1.2.1)

PLATFORMS
  ruby

DEPENDENCIES
  concurrent-ruby (~> 1.1, >= 1.1.10)
  dotenv
  rake (~> 12.3)
  rspec (~> 3.0)
  thor

BUNDLED WITH
   2.3.26
